GIT
  remote: git://github.com/jeremyby/omniauth-google-oauth2.git
  revision: 6a0ddee1e4144aa2e968aaa4d70c505ae93160cc
  specs:
    omniauth-google-oauth2 (0.1.13)
      omniauth (~> 1.0)
      omniauth-oauth2

GIT
  remote: git://github.com/jeremyby/on_the_spot.git
  revision: 0c47d848ca14bdbc94fce2abc45db618a4e0ab8e
  specs:
    on_the_spot (1.0.1)
      json_pure (>= 1.4.6)

GEM
  remote: http://rubygems.org/
  specs:
    ZenTest (4.8.3)
    actionmailer (3.2.11)
      actionpack (= 3.2.11)
      mail (~> 2.4.4)
    actionpack (3.2.11)
      activemodel (= 3.2.11)
      activesupport (= 3.2.11)
      builder (~> 3.0.0)
      erubis (~> 2.7.0)
      journey (~> 1.0.4)
      rack (~> 1.4.0)
      rack-cache (~> 1.2)
      rack-test (~> 0.6.1)
      sprockets (~> 2.2.1)
    activemodel (3.2.11)
      activesupport (= 3.2.11)
      builder (~> 3.0.0)
    activerecord (3.2.11)
      activemodel (= 3.2.11)
      activesupport (= 3.2.11)
      arel (~> 3.0.2)
      tzinfo (~> 0.3.29)
    activeresource (3.2.11)
      activemodel (= 3.2.11)
      activesupport (= 3.2.11)
    activesupport (3.2.11)
      i18n (~> 0.6)
      multi_json (~> 1.0)
    acts_as_commentable_with_threading (1.1.2)
      activerecord (>= 3.0)
      activesupport (~> 3.0)
      awesome_nested_set (>= 2.0)
    addressable (2.3.2)
    arel (3.0.2)
    authlogic (3.2.0)
      activerecord (>= 3.0.0)
      activesupport (>= 3.0.0)
    autotest (4.4.6)
      ZenTest (>= 4.4.1)
    autotest-rails (4.1.2)
      ZenTest (~> 4.5)
    awesome_nested_set (2.1.5)
      activerecord (>= 3.0.0)
    backports (2.7.1)
    builder (3.0.4)
    carrierwave (0.8.0)
      activemodel (>= 3.2.0)
      activesupport (>= 3.2.0)
    chunky_png (1.2.7)
    coffee-rails (3.2.2)
      coffee-script (>= 2.2.0)
      railties (~> 3.2.0)
    coffee-script (2.2.0)
      coffee-script-source
      execjs
    coffee-script-source (1.4.0)
    compass (0.13.alpha.0)
      chunky_png (~> 1.2)
      fssm (>= 0.2.7)
      sass (~> 3.2.0.alpha.93)
    compass-rails (1.0.3)
      compass (>= 0.12.2, < 0.14)
    cucumber (1.2.1)
      builder (>= 2.1.2)
      diff-lcs (>= 1.1.3)
      gherkin (~> 2.11.0)
      json (>= 1.4.6)
    daemons (1.1.9)
    diff-lcs (1.1.3)
    equivalent-xml (0.3.0)
      nokogiri (>= 1.4.3)
    erubis (2.7.0)
    eventmachine (1.0.0)
    execjs (1.4.0)
      multi_json (~> 1.0)
    faraday (0.8.4)
      multipart-post (~> 1.1)
    friendly_id (4.0.9)
    fssm (0.2.9)
    geoip (1.2.1)
    gherkin (2.11.5)
      json (>= 1.4.6)
    haml (3.1.7)
    haml-rails (0.3.5)
      actionpack (>= 3.1, < 4.1)
      activesupport (>= 3.1, < 4.1)
      haml (~> 3.1)
      railties (>= 3.1, < 4.1)
    hashie (1.2.0)
    hike (1.2.1)
    htmlentities (4.3.1)
    httpauth (0.2.0)
    i18n (0.6.1)
    journey (1.0.4)
    jquery-rails (2.1.4)
      railties (>= 3.0, < 5.0)
      thor (>= 0.14, < 2.0)
    json (1.7.6)
    json-ld (0.9.0)
      backports
      json (>= 1.7.5)
      rdf (>= 1.0)
    json_pure (1.7.6)
    jwt (0.1.5)
      multi_json (>= 1.0)
    linkeddata (1.0.0)
      json-ld (>= 0.9.0)
      rdf (>= 1.0)
      rdf-isomorphic (>= 1.0)
      rdf-json (>= 1.0)
      rdf-microdata (>= 1.0)
      rdf-n3 (>= 1.0)
      rdf-rdfa (>= 1.0)
      rdf-rdfxml (>= 1.0)
      rdf-trig (>= 1.0.0.beta1)
      rdf-trix (>= 1.0)
      rdf-turtle (>= 1.0)
    mail (2.4.4)
      i18n (>= 0.4.0)
      mime-types (~> 1.16)
      treetop (~> 1.4.8)
    meta_request (0.2.1)
      rack-contrib
      rails
    mime-types (1.19)
    multi_json (1.5.0)
    multipart-post (1.1.5)
    nokogiri (1.5.6)
    oauth (0.4.7)
    oauth2 (0.8.0)
      faraday (~> 0.8)
      httpauth (~> 0.1)
      jwt (~> 0.1.4)
      multi_json (~> 1.0)
      rack (~> 1.2)
    oily_png (1.0.3)
      chunky_png (~> 1.2.1)
    omg-text (0.0.2)
      compass (>= 0.10.0.rc3)
    omniauth (1.1.1)
      hashie (~> 1.2)
      rack
    omniauth-facebook (1.4.1)
      omniauth-oauth2 (~> 1.1.0)
    omniauth-oauth (1.0.1)
      oauth
      omniauth (~> 1.0)
    omniauth-oauth2 (1.1.1)
      oauth2 (~> 0.8.0)
      omniauth (~> 1.0)
    omniauth-twitter (0.0.14)
      multi_json (~> 1.3)
      omniauth-oauth (~> 1.0)
    polyglot (0.3.3)
    rack (1.4.4)
    rack-cache (1.2)
      rack (>= 0.4)
    rack-contrib (1.1.0)
      rack (>= 0.9.1)
    rack-ssl (1.3.2)
      rack
    rack-test (0.6.2)
      rack (>= 1.0)
    rails (3.2.11)
      actionmailer (= 3.2.11)
      actionpack (= 3.2.11)
      activerecord (= 3.2.11)
      activeresource (= 3.2.11)
      activesupport (= 3.2.11)
      bundler (~> 1.0)
      railties (= 3.2.11)
    rails3-generators (1.0.0)
      railties (>= 3.0.0)
    railties (3.2.11)
      actionpack (= 3.2.11)
      activesupport (= 3.2.11)
      rack-ssl (~> 1.3.2)
      rake (>= 0.8.7)
      rdoc (~> 3.4)
      thor (>= 0.14.6, < 2.0)
    rake (10.0.3)
    rdf (1.0.0)
      addressable (>= 2.2)
    rdf-isomorphic (1.0.0)
      rdf (>= 1.0)
    rdf-json (1.0.0)
      json_pure (>= 1.4)
      rdf (>= 1.0)
    rdf-microdata (1.0.0)
      htmlentities (>= 4.3.0)
      json (>= 1.7.6)
      rdf (>= 1.0)
      rdf-xsd (>= 1.0)
    rdf-n3 (1.0.0)
      rdf (>= 1.0)
    rdf-rdfa (1.0.0)
      backports
      haml (>= 3.1.7)
      htmlentities (>= 4.3.1)
      rdf (>= 1.0)
      rdf-xsd (>= 1.0)
    rdf-rdfxml (1.0.0)
      rdf (>= 1.0)
      rdf-xsd (>= 1.0)
    rdf-trig (1.0.0.beta1)
      rdf (>= 1.0)
      rdf-turtle (>= 1.0)
    rdf-trix (1.0.0)
      rdf (>= 1.0)
    rdf-turtle (1.0.0)
      rdf (>= 1.0)
    rdf-xsd (1.0.0)
      backports
      nokogiri (>= 1.5.0)
      rdf (>= 0.3.4)
    rdoc (3.12)
      json (~> 1.4)
    redcarpet (2.2.2)
    rmagick (2.13.1)
    rspec (2.12.0)
      rspec-core (~> 2.12.0)
      rspec-expectations (~> 2.12.0)
      rspec-mocks (~> 2.12.0)
    rspec-core (2.12.2)
    rspec-expectations (2.12.1)
      diff-lcs (~> 1.1.3)
    rspec-mocks (2.12.1)
    rspec-rails (2.12.2)
      actionpack (>= 3.0)
      activesupport (>= 3.0)
      railties (>= 3.0)
      rspec-core (~> 2.12.0)
      rspec-expectations (~> 2.12.0)
      rspec-mocks (~> 2.12.0)
    sass (3.2.5)
    sass-rails (3.2.6)
      railties (~> 3.2.0)
      sass (>= 3.1.10)
      tilt (~> 1.3)
    sassy-buttons (0.1.4)
      compass (>= 0.12.2)
      sass (>= 3.2.0)
    sprockets (2.2.2)
      hike (~> 1.2)
      multi_json (~> 1.0)
      rack (~> 1.0)
      tilt (~> 1.1, != 1.3.0)
    sqlite3 (1.3.7)
    statistics2 (0.54)
    thin (1.5.0)
      daemons (>= 1.0.9)
      eventmachine (>= 0.12.6)
      rack (>= 1.0.0)
    thor (0.17.0)
    thumbs_up (0.6.3)
      activerecord
      statistics2
    tilt (1.3.3)
    treetop (1.4.12)
      polyglot
      polyglot (>= 0.3.1)
    tzinfo (0.3.35)
    uglifier (1.3.0)
      execjs (>= 0.3.0)
      multi_json (~> 1.0, >= 1.0.2)

PLATFORMS
  ruby

DEPENDENCIES
  ZenTest (= 4.8.3)
  acts_as_commentable_with_threading
  authlogic
  autotest
  autotest-rails
  carrierwave
  coffee-rails
  compass-rails
  cucumber
  equivalent-xml
  friendly_id
  geoip
  haml
  haml-rails
  jquery-rails
  json
  linkeddata
  meta_request (= 0.2.1)
  mime-types
  oily_png
  omg-text
  omniauth
  omniauth-facebook
  omniauth-google-oauth2!
  omniauth-twitter
  on_the_spot!
  rails
  rails3-generators
  rdf-json
  redcarpet
  rmagick
  rspec
  rspec-rails
  sass-rails
  sassy-buttons
  sqlite3
  thin
  thumbs_up
  uglifier
